GEM
  remote: https://rubygems.org/
  specs:
    CFPropertyList (2.2.8)
    activesupport (4.2.5)
      i18n (~> 0.7)
      json (~> 1.7, >= 1.7.7)
      minitest (~> 5.1)
      thread_safe (~> 0.3, >= 0.3.4)
      tzinfo (~> 1.1)
    colorize (0.7.7)
    facter (2.4.4)
      CFPropertyList (~> 2.2.6)
    ffi (1.9.10)
    i18n (0.7.0)
    json (1.8.3)
    listen (3.0.5)
      rb-fsevent (>= 0.9.3)
      rb-inotify (>= 0.9)
    mini_exiftool (2.5.1)
    mini_magick (4.3.6)
    minitest (5.8.3)
    photish (0.3.11)
      activesupport (~> 4.2)
      colorize (~> 0.7.7)
      facter (~> 2.4)
      listen (~> 3.0)
      mini_exiftool (~> 2.5)
      mini_magick (~> 4.3)
      recursive-open-struct (~> 1.0)
      slim (~> 3.0)
      thor (~> 0.1)
      tilt (~> 2.0)
    photish-plugin-sshdeploy (0.1.0)
    rb-fsevent (0.9.6)
    rb-inotify (0.9.5)
      ffi (>= 0.5.0)
    recursive-open-struct (1.0.0)
    slim (3.0.6)
      temple (~> 0.7.3)
      tilt (>= 1.3.3, < 2.1)
    temple (0.7.6)
    thor (0.19.1)
    thread_safe (0.3.5)
    tilt (2.0.1)
    tzinfo (1.2.2)
      thread_safe (~> 0.1)

PLATFORMS
  ruby

DEPENDENCIES
  photish
  photish-plugin-sshdeploy

BUNDLED WITH
   1.11.2
